
GIT
  remote: https://github.com/tichavskym/cachito-rubygems-without-deps.git
  revision: 99477ba6df7fb744c456589af2c517972e9cb20e
  specs:
    my-package (1.0.0)

GIT
  remote: https://github.com/RadPad/swagger-ui_rails.git
  revision: 7234e21e621b628d6b43194f9ba5cce5ca587f16
  branch: master
  specs:
    swagger-ui_rails (0.1.7)

PATH
  remote: vendor/pathgem
  specs:
    pathgem (1.0.0)

GEM
  remote: https://rubygems.org/
  specs:
    zeitwerk (2.6.0)

PLATFORMS
  ruby

DEPENDENCIES
  my-package!
  pathgem!
  swagger-ui_rails!
  zeitwerk

BUNDLED WITH
   2.2.33
